PATH
  remote: .
  specs:
    grater (0.1.3)
      sass (>= 3.2.0)

GEM
  remote: http://rubygems.org/
  specs:
    rake (10.0.3)
    sass (3.2.6)

PLATFORMS
  ruby

DEPENDENCIES
  grater!
  rake
